GEM
  remote: https://rubygems.org/
  specs:
    rack (1.5.2)
    rack-accept (0.4.5)
      rack (>= 0.4)
    scorched (0.16)
      rack (~> 1.4)
      rack-accept (~> 0.4)
      tilt (~> 1.4)
    tilt (1.4.1)

PLATFORMS
  ruby

DEPENDENCIES
  scorched (>= 0.16)
