GEM
  remote: https://rubygems.org/
  specs:
    pg (0.16.0)
    rack (1.5.2)
    rack-accept (0.4.5)
      rack (>= 0.4)
    scorched (0.17)
      rack (~> 1.4)
      rack-accept (~> 0.4)
      tilt (~> 1.4)
    sequel (4.2.0)
    tilt (1.4.1)

PLATFORMS
  ruby

DEPENDENCIES
  pg
  scorched (>= 0.17)
  sequel
